PATH
  remote: /Users/austn/Desktop/GitProjects/tinyrails
  specs:
    tinyrails (0.0.4)
      erubis
      multi_json
      rack (~> 3.2)
      webrick

GEM
  remote: https://rubygems.org/
  specs:
    erubis (2.7.0)
    multi_json (1.17.0)
    rack (3.2.1)
    rackup (2.2.1)
      rack (>= 3)
    webrick (1.9.1)

PLATFORMS
  arm64-darwin-24
  ruby

DEPENDENCIES
  rackup
  tinyrails!

BUNDLED WITH
   2.7.1
