GEM
  remote: https://rubygems.org/
  specs:
    rack (2.2.17)
    tinyrails (0.0.1)
      rack (~> 2.2)
      webrick
    webrick (1.9.1)

PLATFORMS
  arm64-darwin-24
  ruby

DEPENDENCIES
  tinyrails

BUNDLED WITH
   2.7.1
